GEM
  remote: https://rubygems.org/
  specs:
    rack (1.6.4)
    sinatra (1.1.0)
      rack (~> 1.1)
      tilt (~> 1.1)
    tilt (1.4.1)

PLATFORMS
  x64-mingw32

DEPENDENCIES
  sinatra (= 1.1.0)

BUNDLED WITH
   1.10.0.rc
