GEM
  remote: https://rubygems.org/
  specs:
    builder (3.2.2)
    jwt (1.5.1)
    multi_json (1.11.2)
    rack (1.6.4)
    sinatra (1.1.0)
      rack (~> 1.1)
      tilt (~> 1.1)
    tilt (1.4.1)
    twilio-ruby (4.4.0)
      builder (>= 2.1.2)
      jwt (~> 1.0)
      multi_json (>= 1.3.0)

PLATFORMS
  x64-mingw32

DEPENDENCIES
  sinatra (= 1.1.0)
  twilio-ruby (= 4.4.0)

BUNDLED WITH
   1.10.0.rc
